GIT
  remote: git://github.com/jekyll-assets/jekyll-assets.git
  revision: a6a28b76f88bb26f3a76661f545a6f296f621ac2
  specs:
    jekyll-assets (2.0.0.pre.alpha1)
      jekyll (~> 3.0.0.pre.beta8)
      sprockets (~> 3.3)
      sprockets-helpers (~> 1.2)

GEM
  remote: https://rubygems.org/
  specs:
    aws-sdk (2.1.24)
      aws-sdk-resources (= 2.1.24)
    aws-sdk-core (2.1.24)
      jmespath (~> 1.0)
    aws-sdk-resources (2.1.24)
      aws-sdk-core (= 2.1.24)
    colorator (0.1)
    ffi (1.9.10)
    jekyll (3.0.0.pre.beta9)
      colorator (~> 0.1)
      jekyll-sass-converter (~> 1.0)
      jekyll-watch (~> 1.1)
      kramdown (~> 1.3)
      liquid (~> 3.0)
      mercenary (~> 0.3.3)
      rouge (~> 1.7)
      safe_yaml (~> 1.0)
    jekyll-sass-converter (1.3.0)
      sass (~> 3.2)
    jekyll-watch (1.3.0)
      listen (~> 3.0)
    jmespath (1.1.3)
    kramdown (1.8.0)
    liquid (3.0.6)
    listen (3.0.3)
      rb-fsevent (>= 0.9.3)
      rb-inotify (>= 0.9)
    mercenary (0.3.5)
    rack (1.6.4)
    rb-fsevent (0.9.6)
    rb-inotify (0.9.5)
      ffi (>= 0.5.0)
    rouge (1.10.1)
    safe_yaml (1.0.4)
    sass (3.4.18)
    sprockets (3.3.5)
      rack (> 1, < 3)
    sprockets-helpers (1.2.1)
      sprockets (>= 2.2)

PLATFORMS
  ruby

DEPENDENCIES
  aws-sdk
  jekyll-assets!

BUNDLED WITH
   1.10.6
